GEM
  remote: https://rubygems.org/
  specs:
    addressable (2.8.7)
      public_suffix (>= 2.0.2, < 7.0)
    baran (0.1.12)
    base64 (0.2.0)
    json (2.7.2)
    json-schema (4.3.1)
      addressable (>= 2.8)
    langchainrb (0.19.2)
      baran (~> 0.1.9)
      json-schema (~> 4)
      matrix
      pragmatic_segmenter (~> 0.3.0)
      zeitwerk (~> 2.5)
    matrix (0.4.2)
    mustermann (3.0.0)
      ruby2_keywords (~> 0.0.1)
    pragmatic_segmenter (0.3.24)
    public_suffix (6.0.1)
    rack (3.0.11)
    rack-protection (4.0.0)
      base64 (>= 0.1.0)
      rack (>= 3.0.0, < 4)
    rack-session (2.0.0)
      rack (>= 3.0.0)
    rackup (2.1.0)
      rack (>= 3)
      webrick (~> 1.8)
    redcarpet (3.6.0)
    ruby2_keywords (0.0.5)
    sinatra (4.0.0)
      mustermann (~> 3.0)
      rack (>= 3.0.0, < 4)
      rack-protection (= 4.0.0)
      rack-session (>= 2.0.0, < 3)
      tilt (~> 2.0)
    tilt (2.3.0)
    webrick (1.8.1)
    zeitwerk (2.7.1)

PLATFORMS
  arm64-darwin-24
  x86_64-linux

DEPENDENCIES
  json
  langchainrb
  rackup (~> 2.1)
  redcarpet
  sinatra

BUNDLED WITH
   2.3.5
